GEM
  remote: https://rubygems.org/
  specs:
    aws-eventstream (1.0.3)
    aws-sigv4 (1.1.0)
      aws-eventstream (~> 1.0, >= 1.0.2)
    dotenv (2.7.5)
    elasticsearch (7.3.0)
      elasticsearch-api (= 7.3.0)
      elasticsearch-transport (= 7.3.0)
    elasticsearch-api (7.3.0)
      multi_json
    elasticsearch-transport (7.3.0)
      faraday
      multi_json
    faraday (0.15.4)
      multipart-post (>= 1.2, < 3)
    faraday_middleware (0.13.1)
      faraday (>= 0.7.4, < 1.0)
    faraday_middleware-aws-sigv4 (0.2.4)
      aws-sigv4 (~> 1.0)
      faraday (>= 0.9)
    multi_json (1.13.1)
    multipart-post (2.1.1)

PLATFORMS
  ruby

DEPENDENCIES
  dotenv
  elasticsearch
  faraday_middleware
  faraday_middleware-aws-sigv4

BUNDLED WITH
   1.16.2
